GEM
  remote: https://rubygems.org/
  specs:
    activesupport (6.0.3.4)
      concurrent-ruby (~> 1.0, >= 1.0.2)
      i18n (>= 0.7, < 2)
      minitest (~> 5.1)
      tzinfo (~> 1.1)
      zeitwerk (~> 2.2, >= 2.2.2)
    addressable (2.7.0)
      public_suffix (>= 2.0.2, < 5.0)
    ast (2.4.1)
    buftok (0.2.0)
    byebug (11.1.3)
    coderay (1.1.3)
    concurrent-ruby (1.1.7)
    crack (0.4.4)
    csv (3.1.9)
    diff-lcs (1.4.4)
    docile (1.3.2)
    domain_name (0.5.20190701)
      unf (>= 0.0.5, < 1.0.0)
    equalizer (0.0.11)
    faraday (1.1.0)
      multipart-post (>= 1.2, < 3)
      ruby2_keywords
    ffi (1.13.1)
    ffi-compiler (1.0.1)
      ffi (>= 1.0.0)
      rake
    gruff (0.12.1)
      histogram
      rmagick
    hashdiff (1.0.1)
    histogram (0.2.4.1)
    http (4.4.1)
      addressable (~> 2.3)
      http-cookie (~> 1.0)
      http-form_data (~> 2.2)
      http-parser (~> 1.2.0)
    http-cookie (1.0.3)
      domain_name (~> 0.5)
    http-form_data (2.3.0)
    http-parser (1.2.1)
      ffi-compiler (>= 1.0, < 2.0)
    http_parser.rb (0.6.0)
    i18n (1.8.5)
      concurrent-ruby (~> 1.0)
    memoizable (0.4.2)
      thread_safe (~> 0.3, >= 0.3.1)
    method_source (1.0.0)
    minitest (5.14.2)
    multipart-post (2.1.1)
    naught (1.1.0)
    parallel (1.20.0)
    parser (2.7.2.0)
      ast (~> 2.4.1)
    pry (0.13.1)
      coderay (~> 1.1)
      method_source (~> 1.0)
    pry-byebug (3.9.0)
      byebug (~> 11.0)
      pry (~> 0.13.0)
    public_suffix (4.0.6)
    rainbow (3.0.0)
    rake (13.0.1)
    regexp_parser (1.8.2)
    retriable (3.1.2)
    rexml (3.2.4)
    rmagick (4.1.2)
    rspec (3.10.0)
      rspec-core (~> 3.10.0)
      rspec-expectations (~> 3.10.0)
      rspec-mocks (~> 3.10.0)
    rspec-core (3.10.0)
      rspec-support (~> 3.10.0)
    rspec-expectations (3.10.0)
      diff-lcs (>= 1.2.0, < 2.0)
      rspec-support (~> 3.10.0)
    rspec-mocks (3.10.0)
      diff-lcs (>= 1.2.0, < 2.0)
      rspec-support (~> 3.10.0)
    rspec-support (3.10.0)
    rubocop (1.3.1)
      parallel (~> 1.10)
      parser (>= 2.7.1.5)
      rainbow (>= 2.2.2, < 4.0)
      regexp_parser (>= 1.8)
      rexml
      rubocop-ast (>= 1.1.1)
      ruby-progressbar (~> 1.7)
      unicode-display_width (>= 1.4.0, < 2.0)
    rubocop-ast (1.1.1)
      parser (>= 2.7.1.5)
    ruby-progressbar (1.10.1)
    ruby2_keywords (0.0.2)
    simple_oauth (0.3.1)
    simplecov (0.19.1)
      docile (~> 1.1)
      simplecov-html (~> 0.11)
    simplecov-html (0.12.3)
    thread (0.2.2)
    thread_safe (0.3.6)
    timecop (0.9.2)
    twitter (7.0.0)
      addressable (~> 2.3)
      buftok (~> 0.2.0)
      equalizer (~> 0.0.11)
      http (~> 4.0)
      http-form_data (~> 2.0)
      http_parser.rb (~> 0.6.0)
      memoizable (~> 0.4.0)
      multipart-post (~> 2.0)
      naught (~> 1.0)
      simple_oauth (~> 0.3.0)
    tzinfo (1.2.8)
      thread_safe (~> 0.1)
    unf (0.1.4)
      unf_ext
    unf_ext (0.0.7.7)
    unicode-display_width (1.7.0)
    vcr (6.0.0)
    webmock (3.10.0)
      addressable (>= 2.3.6)
      crack (>= 0.3.2)
      hashdiff (>= 0.4.0, < 2.0.0)
    yaml (0.1.0)
    zeitwerk (2.4.1)

PLATFORMS
  ruby

DEPENDENCIES
  activesupport
  byebug
  csv
  faraday (~> 1.1)
  gruff
  pry-byebug
  retriable
  rspec
  rubocop
  simplecov
  thread
  timecop
  twitter
  vcr
  webmock
  yaml

BUNDLED WITH
   2.2.3
